PATH
  remote: .
  specs:
    slack_mailer (0.1.3)
      slack-notifier (~> 2.3.2)

GEM
  remote: https://rubygems.org/
  specs:
    diff-lcs (1.3)
    rake (13.0.1)
    rspec (3.7.0)
      rspec-core (~> 3.7.0)
      rspec-expectations (~> 3.7.0)
      rspec-mocks (~> 3.7.0)
    rspec-core (3.7.1)
      rspec-support (~> 3.7.0)
    rspec-expectations (3.7.0)
      diff-lcs (>= 1.2.0, < 2.0)
      rspec-support (~> 3.7.0)
    rspec-mocks (3.7.0)
      diff-lcs (>= 1.2.0, < 2.0)
      rspec-support (~> 3.7.0)
    rspec-support (3.7.1)
    slack-notifier (2.3.2)

PLATFORMS
  ruby

DEPENDENCIES
  bundler (~> 1.16.a)
  rake (~> 13.0)
  rspec (~> 3.0)
  slack_mailer!

BUNDLED WITH
   1.16.1
